REFERENCES: STRICT
FRAMEWORK: NET45
NUGET
  remote: https://www.nuget.org/api/v2
    FSharp.Compiler.Service (10.0.3)
      System.Collections.Immutable (>= 1.2)
      System.Reflection.Metadata (>= 1.4.1-beta-24227-04)
    FSharp.Compiler.Service.ProjectCracker (10.0.3)
    System.Collections.Immutable (1.3.1)
    System.Reflection.Metadata (1.4.2)
      System.Collections.Immutable (>= 1.3.1)
