REFERENCES: STRICT
COPY-LOCAL: FALSE
RESTRICTION: == net45
NUGET
  remote: https://www.nuget.org/api/v2
    FSharp.Compiler.Service (13.0)
      System.Collections.Immutable (>= 1.3.1)
      System.Reflection.Metadata (>= 1.4.2)
    Microsoft.NETCore.Platforms (2.0)
    NETStandard.Library (2.0)
      Microsoft.NETCore.Platforms (>= 1.1)
      System.Runtime.InteropServices.RuntimeInformation (>= 4.3)
    System.Collections.Immutable (1.4)
      NETStandard.Library (>= 1.6.1)
    System.Reflection.Metadata (1.5)
      NETStandard.Library (>= 1.6.1)
      System.Collections.Immutable (>= 1.4)
    System.Runtime.InteropServices.RuntimeInformation (4.3)
