REFERENCES: STRICT
COPY-LOCAL: FALSE
RESTRICTION: == net45
NUGET
  remote: https://www.nuget.org/api/v2
    FSharp.Compiler.Service (23.0.3)
      FSharp.Core (>= 4.1.18)
      System.Collections.Immutable (>= 1.3.1)
      System.Reflection.Metadata (>= 1.4.2)
      System.ValueTuple (>= 4.3.1)
    FSharp.Compiler.Service.ProjectCracker (23.0.3)
      FSharp.Compiler.Service (>= 23.0.3)
      FSharp.Core (>= 4.1.18)
      System.ValueTuple (>= 4.3.1)
    FSharp.Core (4.5)
    System.Collections.Immutable (1.5)
    System.Reflection.Metadata (1.4.2)
      System.Collections.Immutable (>= 1.3.1)
    System.ValueTuple (4.5)
